PATH
  remote: .
  specs:
    invoker (1.2.0)
      dotenv (~> 0.9)
      em-proxy (~> 0.1)
      eventmachine (~> 1.0)
      facter (~> 2.2.0)
      formatador (~> 0.2)
      http-parser-lite (~> 0.6)
      iniparse (~> 1.1)
      rainbow (~> 2.0)
      rubydns (~> 0.7)
      thor (~> 0.19)
      uuid (~> 2.3)

GEM
  remote: https://rubygems.org/
  specs:
    CFPropertyList (2.2.8)
    coderay (1.1.0)
    coveralls (0.7.0)
      multi_json (~> 1.3)
      rest-client
      simplecov (>= 0.7)
      term-ansicolor
      thor
    diff-lcs (1.2.5)
    docile (1.1.3)
    dotenv (0.11.1)
      dotenv-deployment (~> 0.0.2)
    dotenv-deployment (0.0.2)
    em-proxy (0.1.8)
      eventmachine
    eventmachine (1.0.3)
    facter (2.2.0)
      CFPropertyList (~> 2.2.6)
    formatador (0.2.5)
    http-parser-lite (0.6.0)
    iniparse (1.3.2)
    macaddr (1.7.1)
      systemu (~> 2.6.2)
    metaclass (0.0.4)
    method_source (0.8.2)
    mime-types (2.2)
    mocha (1.0.0)
      metaclass (~> 0.0.1)
    multi_json (1.9.2)
    pry (0.9.12.6)
      coderay (~> 1.0)
      method_source (~> 0.8)
      slop (~> 3.4)
    rainbow (2.0.0)
    rake (10.1.1)
    rest-client (1.6.7)
      mime-types (>= 1.16)
    rspec (3.0.0)
      rspec-core (~> 3.0.0)
      rspec-expectations (~> 3.0.0)
      rspec-mocks (~> 3.0.0)
    rspec-core (3.0.0)
      rspec-support (~> 3.0.0)
    rspec-expectations (3.0.0)
      diff-lcs (>= 1.2.0, < 2.0)
      rspec-support (~> 3.0.0)
    rspec-mocks (3.0.0)
      rspec-support (~> 3.0.0)
    rspec-support (3.0.0)
    rubydns (0.8.5)
      eventmachine (~> 1.0.0)
    simplecov (0.8.2)
      docile (~> 1.1.0)
      multi_json
      simplecov-html (~> 0.8.0)
    simplecov-html (0.8.0)
    slop (3.5.0)
    systemu (2.6.4)
    term-ansicolor (1.3.0)
      tins (~> 1.0)
    thor (0.19.0)
    tins (1.0.1)
    uuid (2.3.7)
      macaddr (~> 1.0)

PLATFORMS
  ruby

DEPENDENCIES
  coveralls
  invoker!
  mocha
  pry
  rake
  rspec (~> 3.0)
  simplecov
